GEM
  remote: https://rubygems.org/
  specs:
    byebug (10.0.0)
    gosu (0.13.2)

PLATFORMS
  ruby

DEPENDENCIES
  byebug
  gosu

RUBY VERSION
   ruby 2.5.0p0

BUNDLED WITH
   1.16.1
